GIT
  remote: git://github.com/danielstutzman/rack-piwik.git
  revision: 2c08a1c3695ce642c852f9fbed63485a8e2d18be
  specs:
    rack-piwik (0.0.1)
      rack

GIT
  remote: git://github.com/danielstutzman/serve.git
  revision: c5c15dc574d1dccac73b84eaffe1e70624b37020
  specs:
    serve (1.5.2)
      activesupport (> 3.2.12)
      i18n
      rack (~> 1.5.2)
      rack-test (~> 0.6.2)
      tilt (~> 1.3.3)
      tzinfo

GEM
  remote: https://rubygems.org/
  specs:
    actionpack (4.0.0)
      activesupport (= 4.0.0)
      builder (~> 3.1.0)
      erubis (~> 2.7.0)
      rack (~> 1.5.2)
      rack-test (~> 0.6.2)
    activesupport (4.0.0)
      i18n (~> 0.6, >= 0.6.4)
      minitest (~> 4.2)
      multi_json (~> 1.3)
      thread_safe (~> 0.1)
      tzinfo (~> 0.3.37)
    atomic (1.1.14)
    builder (3.1.4)
    erubis (2.7.0)
    i18n (0.6.5)
    minitest (4.7.5)
    multi_json (1.8.1)
    rack (1.5.2)
    rack-test (0.6.2)
      rack (>= 1.0)
    thread_safe (0.1.3)
      atomic
    tilt (1.3.7)
    tzinfo (0.3.37)

PLATFORMS
  ruby

DEPENDENCIES
  actionpack (~> 4.0.0)
  rack-piwik!
  serve (= 1.5.2)!
